GEM
  remote: https://rubygems.org/
  specs:
    lockfile (2.1.3)
    mail (2.6.3)
      mime-types (>= 1.16, < 3)
    mime (0.4.2)
    mime-types (2.6.1)
    ruby-gmail (0.3.1)
      mail (>= 2.2.1)
      mime (>= 0.1)
      shared-mime-info
    shared-mime-info (0.2.5)

PLATFORMS
  ruby

DEPENDENCIES
  lockfile
  mail
  ruby-gmail
